GEM
  remote: https://rubygems.org/
  specs:
    bourbon (4.2.3)
      sass (~> 3.4)
      thor
    neat (1.7.2)
      bourbon (>= 4.0)
      sass (>= 3.3)
    sass (3.4.14)
    slim (3.0.6)
      temple (~> 0.7.3)
      tilt (>= 1.3.3, < 2.1)
    temple (0.7.6)
    thor (0.19.1)
    tilt (2.0.1)

PLATFORMS
  ruby

DEPENDENCIES
  bourbon
  neat
  sass
  slim

BUNDLED WITH
   1.10.3
