GEM
  remote: https://rubygems.org/
  specs:
    bourbon (4.2.3)
      sass (~> 3.4)
      thor
    capistrano (3.4.0)
      i18n
      rake (>= 10.0.0)
      sshkit (~> 1.3)
    colorize (0.7.7)
    filewatcher (0.5.1)
      trollop (~> 2.0)
    i18n (0.7.0)
    neat (1.7.2)
      bourbon (>= 4.0)
      sass (>= 3.3)
    net-scp (1.2.1)
      net-ssh (>= 2.6.5)
    net-ssh (2.9.2)
    rake (10.4.2)
    sass (3.4.14)
    slim (3.0.6)
      temple (~> 0.7.3)
      tilt (>= 1.3.3, < 2.1)
    sshkit (1.7.1)
      colorize (>= 0.7.0)
      net-scp (>= 1.1.2)
      net-ssh (>= 2.8.0)
    temple (0.7.6)
    thor (0.19.1)
    tilt (2.0.1)
    trollop (2.1.2)

PLATFORMS
  ruby

DEPENDENCIES
  bourbon
  capistrano (~> 3.4.0)
  filewatcher
  neat
  sass
  slim

BUNDLED WITH
   1.10.3
